GEM
  remote: https://rubygems.org/
  specs:
    date (3.4.1)
    erb (5.0.1)
    psych (5.2.6)
      date
      stringio
    rdoc (6.14.0)
      erb
      psych (>= 4.0.0)
    stringio (3.1.7)

PLATFORMS
  ruby
  x86_64-linux

DEPENDENCIES
  rdoc

BUNDLED WITH
   2.6.2
